GEM
  remote: https://rubygems.org/
  specs:
    byebug (8.2.1)
    jwt (1.5.2)
    puma (2.15.3)
    rack (1.6.4)
    rack-parser (0.6.1)
      rack
    rack-protection (1.5.3)
      rack
    redis (3.2.2)
    sinatra (1.4.6)
      rack (~> 1.4)
      rack-protection (~> 1.4)
      tilt (>= 1.3, < 3)
    tilt (2.0.1)

PLATFORMS
  ruby

DEPENDENCIES
  byebug
  jwt
  puma
  rack-parser
  redis
  sinatra
